GEM
  specs:
    coderay (1.1.2)
    method_source (0.9.0)
    pry (0.11.3)
      coderay (~> 1.1.0)
      method_source (~> 0.9.0)

PLATFORMS
  ruby

DEPENDENCIES
  pry

RUBY VERSION
   ruby 2.6.0p-1

BUNDLED WITH
   1.16.2
